GEM
  remote: http://rubygems.org/
  specs:
    addressable (2.2.7)
    data_mapper (0.9.2)
      dm-aggregates (>= 0.9.2)
      dm-cli (>= 0.9.2)
      dm-core (>= 0.9.2)
      dm-is-tree (>= 0.9.2)
      dm-migrations (>= 0.9.2)
      dm-observer (>= 0.9.2)
      dm-serializer (>= 0.9.2)
      dm-timestamps (>= 0.9.2)
      dm-types (>= 0.9.2)
      dm-validations (>= 0.9.2)
    data_objects (0.10.8)
      addressable (~> 2.1)
    dm-aggregates (1.2.0)
      dm-core (~> 1.2.0)
    dm-cli (1.2.0)
      dm-core (~> 1.2.0)
    dm-core (1.2.0)
      addressable (~> 2.2.6)
    dm-do-adapter (1.2.0)
      data_objects (~> 0.10.6)
      dm-core (~> 1.2.0)
    dm-is-tree (1.2.0)
      dm-core (~> 1.2.0)
    dm-migrations (1.2.0)
      dm-core (~> 1.2.0)
    dm-observer (1.2.0)
      dm-core (~> 1.2.0)
    dm-postgres-adapter (1.2.0)
      dm-do-adapter (~> 1.2.0)
      do_postgres (~> 0.10.6)
    dm-serializer (0.10.0)
    dm-timestamps (1.2.0)
      dm-core (~> 1.2.0)
    dm-types (0.10.0)
    dm-validations (1.2.0)
      dm-core (~> 1.2.0)
    do_postgres (0.10.8)
      data_objects (= 0.10.8)
    geokit (1.6.5)
      multi_json
    multi_json (1.2.0)
    rack (1.4.1)
    rack-protection (1.2.0)
      rack
    rdiscount (1.6.8)
    sinatra (1.3.2)
      rack (~> 1.3, >= 1.3.6)
      rack-protection (~> 1.2)
      tilt (~> 1.3, >= 1.3.3)
    tilt (1.3.3)
    tzinfo (0.3.32)

PLATFORMS
  ruby

DEPENDENCIES
  data_mapper
  dm-postgres-adapter
  geokit
  rdiscount
  sinatra
  tzinfo
